GEM
  remote: https://rubygems.org/
  specs:
    capistrano (2.15.5)
      highline
      net-scp (>= 1.0.0)
      net-sftp (>= 2.0.0)
      net-ssh (>= 2.0.14)
      net-ssh-gateway (>= 1.1.0)
    capistrano-unicorn (0.1.9)
      capistrano
    chunky_png (1.2.8)
    compass (0.12.2)
      chunky_png (~> 1.2)
      fssm (>= 0.2.7)
      sass (~> 3.1)
    fssm (0.2.10)
    highline (1.6.19)
    negroku (1.1.4)
      capistrano (>= 2.15.4)
      capistrano-unicorn (>= 0.1.9)
      highline (>= 1.6.15)
      rainbow (>= 1.1.4)
      thor (>= 0.17.0)
    net-scp (1.1.2)
      net-ssh (>= 2.6.5)
    net-sftp (2.1.2)
      net-ssh (>= 2.6.5)
    net-ssh (2.6.8)
    net-ssh-gateway (1.2.0)
      net-ssh (>= 2.6.5)
    railsless-deploy (1.1.2)
    rainbow (1.1.4)
    sass (3.2.10)
    thor (0.18.1)

PLATFORMS
  ruby

DEPENDENCIES
  compass
  negroku (~> 1.1.4)
  railsless-deploy
